PATH
  remote: .
  specs:
    fair-champion (1)

GEM
  remote: https://rubygems.org/
  specs:
    actionpack (7.1.5.1)
      actionview (= 7.1.5.1)
      activesupport (= 7.1.5.1)
      nokogiri (>= 1.8.5)
      racc
      rack (>= 2.2.4)
      rack-session (>= 1.0.1)
      rack-test (>= 0.6.3)
      rails-dom-testing (~> 2.2)
      rails-html-sanitizer (~> 1.6)
    actionview (7.1.5.1)
      activesupport (= 7.1.5.1)
      builder (~> 3.1)
      erubi (~> 1.11)
      rails-dom-testing (~> 2.2)
      rails-html-sanitizer (~> 1.6)
    activesupport (7.1.5.1)
      base64
      benchmark (>= 0.3)
      bigdecimal
      concurrent-ruby (~> 1.0, >= 1.0.2)
      connection_pool (>= 2.2.5)
      drb
      i18n (>= 1.6, < 2)
      logger (>= 1.4.2)
      minitest (>= 5.1)
      mutex_m
      securerandom (>= 0.3)
      tzinfo (~> 2.0)
    addressable (2.8.6)
      public_suffix (>= 2.0.2, < 6.0)
    ast (2.4.2)
    base64 (0.2.0)
    bcp47_spec (0.2.1)
    benchmark (0.4.0)
    better_html (2.1.1)
      actionview (>= 6.0)
      activesupport (>= 6.0)
      ast (~> 2.0)
      erubi (~> 1.4)
      parser (>= 2.4)
      smart_properties
    bigdecimal (3.1.9)
    bond (0.5.1)
    builder (3.2.4)
    cgi (0.4.1)
    coderay (1.1.3)
    commonmarker (0.23.10)
    concurrent-ruby (1.2.3)
    connection_pool (2.4.1)
    crack (1.0.0)
      bigdecimal
      rexml
    crass (1.0.6)
    csv (3.3.0)
    daemons (1.4.1)
    diff-lcs (1.6.2)
    docile (1.4.1)
    domain_name (0.6.20240107)
    dotenv (3.1.8)
    drb (2.2.1)
    ebnf (2.4.0)
      htmlentities (~> 4.3)
      rdf (~> 3.3)
      scanf (~> 1.0)
      sxp (~> 1.3)
      unicode-types (~> 1.8)
    erb (4.0.4)
      cgi (>= 0.3.3)
    erb_lint (0.9.0)
      activesupport
      better_html (>= 2.0.1)
      parser (>= 2.7.1.4)
      rainbow
      rubocop (>= 1)
      smart_properties
    erubi (1.13.1)
    eventmachine (1.2.7)
    faraday (1.10.3)
      faraday-em_http (~> 1.0)
      faraday-em_synchrony (~> 1.0)
      faraday-excon (~> 1.1)
      faraday-httpclient (~> 1.0)
      faraday-multipart (~> 1.0)
      faraday-net_http (~> 1.0)
      faraday-net_http_persistent (~> 1.0)
      faraday-patron (~> 1.0)
      faraday-rack (~> 1.0)
      faraday-retry (~> 1.0)
      ruby2_keywords (>= 0.0.4)
    faraday-cookie_jar (0.0.7)
      faraday (>= 0.8.0)
      http-cookie (~> 1.0.0)
    faraday-em_http (1.0.0)
    faraday-em_synchrony (1.0.0)
    faraday-encoding (0.0.5)
      faraday
    faraday-excon (1.1.0)
    faraday-http-cache (2.5.1)
      faraday (>= 0.8)
    faraday-httpclient (1.0.1)
    faraday-multipart (1.0.4)
      multipart-post (~> 2)
    faraday-net_http (1.0.1)
    faraday-net_http_persistent (1.2.0)
    faraday-patron (1.0.0)
    faraday-rack (1.0.0)
    faraday-retry (1.0.3)
    faraday_middleware (1.2.0)
      faraday (~> 1.0)
    fastimage (2.3.1)
    ffi (1.16.3)
    fileutils (1.5.0)
    haml (6.3.0)
      temple (>= 0.8.2)
      thor
      tilt
    hamster (3.0.0)
      concurrent-ruby (~> 1.0)
    hashdiff (1.2.0)
    htmlentities (4.3.4)
    http-accept (1.7.0)
    http-cookie (1.0.5)
      domain_name (~> 0.5)
    i18n (1.14.7)
      concurrent-ruby (~> 1.0)
    json (2.7.2)
    json-canonicalization (1.0.0)
    json-ld (3.3.1)
      htmlentities (~> 4.3)
      json-canonicalization (~> 1.0)
      link_header (~> 0.0, >= 0.0.8)
      multi_json (~> 1.15)
      rack (>= 2.2, < 4)
      rdf (~> 3.3)
    json-ld-preloaded (3.3.0)
      json-ld (~> 3.3)
      rdf (~> 3.3)
    language_server-protocol (3.17.0.3)
    ld-patch (3.3.0)
      ebnf (~> 2.4)
      rdf (~> 3.3)
      rdf-xsd (~> 3.3)
      sparql (~> 3.3)
      sxp (~> 1.3)
    link_header (0.0.8)
    linkeddata (3.2.2)
      json-ld (~> 3.2, >= 3.2.5)
      json-ld-preloaded (~> 3.2, >= 3.2.2)
      ld-patch (~> 3.2, >= 3.2.2)
      nokogiri (~> 1.13, >= 1.13.8)
      rdf (~> 3.2, >= 3.2.1)
      rdf-aggregate-repo (~> 3.2, >= 3.2.1)
      rdf-hamster-repo (~> 3.2, >= 3.2.1)
      rdf-isomorphic (~> 3.2, >= 3.2.1)
      rdf-json (~> 3.2)
      rdf-microdata (~> 3.2, >= 3.2.1)
      rdf-n3 (~> 3.2, >= 3.2.1)
      rdf-normalize (~> 0.6, >= 0.6.1)
      rdf-ordered-repo (~> 3.2, >= 3.2.1)
      rdf-rdfa (~> 3.2, >= 3.2.3)
      rdf-rdfxml (~> 3.2, >= 3.2.2)
      rdf-reasoner (~> 0.8)
      rdf-tabular (~> 3.2, >= 3.2.1)
      rdf-trig (~> 3.2)
      rdf-trix (~> 3.2)
      rdf-turtle (~> 3.2, >= 3.2.1)
      rdf-vocab (~> 3.2, >= 3.2.7)
      rdf-xsd (~> 3.2, >= 3.2.1)
      shacl (~> 0.3)
      shex (~> 0.7, >= 0.7.1)
      sparql (~> 3.2, >= 3.2.6)
      sparql-client (~> 3.2, >= 3.2.2)
      yaml-ld (~> 0.0)
    linkheaders-processor (0.1.21)
      json (~> 2.0)
      json-ld (~> 3.2)
      json-ld-preloaded (~> 3.2)
      link_header (~> 0.0.8)
      metainspector (~> 5.11.2)
      rest-client (~> 2.1)
      securerandom
    lint_roller (1.1.0)
    logger (1.6.0)
    loofah (2.24.0)
      crass (~> 1.0.2)
      nokogiri (>= 1.12.0)
    matrix (0.4.2)
    metainspector (5.11.2)
      addressable (~> 2.7)
      faraday (~> 1.4)
      faraday-cookie_jar (~> 0.0)
      faraday-encoding (~> 0.0)
      faraday-http-cache (~> 2.2)
      faraday_middleware (~> 1.0)
      fastimage (~> 2.2)
      nesty (~> 1.0)
      nokogiri (~> 1.11)
    method_source (1.1.0)
    mime-types (3.5.2)
      mime-types-data (~> 3.2015)
    mime-types-data (3.2024.0305)
    minitest (5.25.4)
    multi_json (1.15.0)
    multipart-post (2.4.0)
    mustermann (3.0.0)
      ruby2_keywords (~> 0.0.1)
    mutex_m (0.3.0)
    nesty (1.0.2)
    net-http-persistent (4.0.2)
      connection_pool (~> 2.2)
    netrc (0.11.0)
    nokogiri (1.16.3-aarch64-linux)
      racc (~> 1.4)
    nokogiri (1.16.3-arm-linux)
      racc (~> 1.4)
    nokogiri (1.16.3-arm64-darwin)
      racc (~> 1.4)
    nokogiri (1.16.3-x86-linux)
      racc (~> 1.4)
    nokogiri (1.16.3-x86_64-darwin)
      racc (~> 1.4)
    nokogiri (1.16.3-x86_64-linux)
      racc (~> 1.4)
    openapi3_parser (0.9.2)
      commonmarker (~> 0.17)
    openapi_parser (2.1.0)
    parallel (1.26.3)
    parseconfig (1.1.2)
    parser (3.3.6.0)
      ast (~> 2.4.1)
      racc
    pry (0.15.2)
      coderay (~> 1.1)
      method_source (~> 1.0)
    psych (5.1.2)
      stringio
    public_suffix (5.0.5)
    racc (1.7.3)
    rack (2.2.9)
    rack-protection (3.0.6)
      rack
    rack-session (1.0.2)
      rack (< 3)
    rack-test (2.2.0)
      rack (>= 1.3)
    rails-dom-testing (2.2.0)
      activesupport (>= 5.0.0)
      minitest
      nokogiri (>= 1.6)
    rails-html-sanitizer (1.6.0)
      loofah (~> 2.21)
      nokogiri (~> 1.14)
    rainbow (3.1.1)
    rake (13.2.1)
    rbs (3.8.1)
      logger
    rdf (3.3.1)
      bcp47_spec (~> 0.2)
      link_header (~> 0.0, >= 0.0.8)
    rdf-aggregate-repo (3.3.0)
      rdf (~> 3.3)
    rdf-hamster-repo (3.3.0)
      hamster (~> 3.0)
      rdf (~> 3.3)
    rdf-isomorphic (3.3.0)
      rdf (~> 3.3)
    rdf-json (3.3.0)
      rdf (~> 3.3)
    rdf-microdata (3.3.0)
      htmlentities (~> 4.3)
      nokogiri (~> 1.15, >= 1.15.4)
      rdf (~> 3.3)
      rdf-rdfa (~> 3.3)
      rdf-xsd (~> 3.3)
    rdf-n3 (3.3.0)
      ebnf (~> 2.4)
      rdf (~> 3.3)
      sparql (~> 3.3)
      sxp (~> 1.3)
    rdf-normalize (0.7.0)
      rdf (~> 3.3)
    rdf-ordered-repo (3.3.0)
      rdf (~> 3.3)
    rdf-raptor (3.1.0)
      ffi (~> 1.11)
      rdf (~> 3.1)
    rdf-rdfa (3.3.0)
      haml (~> 6.1)
      htmlentities (~> 4.3)
      rdf (~> 3.3)
      rdf-aggregate-repo (~> 3.3)
      rdf-vocab (~> 3.3)
      rdf-xsd (~> 3.3)
    rdf-rdfxml (3.3.0)
      builder (~> 3.2, >= 3.2.4)
      htmlentities (~> 4.3)
      rdf (~> 3.3)
      rdf-xsd (~> 3.3)
    rdf-reasoner (0.9.0)
      rdf (~> 3.3)
      rdf-xsd (~> 3.3)
    rdf-tabular (3.3.0)
      addressable (~> 2.8)
      bcp47_spec (~> 0.2)
      json-ld (~> 3.3)
      rdf (~> 3.3)
      rdf-vocab (~> 3.3)
      rdf-xsd (~> 3.3)
    rdf-trig (3.3.0)
      ebnf (~> 2.4)
      rdf (~> 3.3)
      rdf-turtle (~> 3.3)
    rdf-trix (3.3.0)
      rdf (~> 3.3)
      rdf-xsd (~> 3.3)
    rdf-turtle (3.3.0)
      ebnf (~> 2.4)
      rdf (~> 3.3)
    rdf-vocab (3.3.0)
      rdf (~> 3.3)
    rdf-xsd (3.3.0)
      rdf (~> 3.3)
      rexml (~> 3.2)
    regexp_parser (2.10.0)
    require_all (3.0.0)
    rest-client (2.1.0)
      http-accept (>= 1.7.0, < 2.0)
      http-cookie (>= 1.0.2, < 2.0)
      mime-types (>= 1.16, < 4.0)
      netrc (~> 0.8)
    rexml (3.2.6)
    ripl (0.7.1)
      bond (~> 0.5.1)
    ripl-multi_line (0.3.1)
      ripl (>= 0.3.6)
    ripl-rack (0.2.0)
      rack (>= 1.0)
      rack-test (>= 0.5)
      ripl (>= 0.3.5)
    rspec (3.13.1)
      rspec-core (~> 3.13.0)
      rspec-expectations (~> 3.13.0)
      rspec-mocks (~> 3.13.0)
    rspec-core (3.13.5)
      rspec-support (~> 3.13.0)
    rspec-expectations (3.13.5)
      diff-lcs (>= 1.2.0, < 2.0)
      rspec-support (~> 3.13.0)
    rspec-mocks (3.13.5)
      diff-lcs (>= 1.2.0, < 2.0)
      rspec-support (~> 3.13.0)
    rspec-openapi (0.18.4)
      actionpack (>= 5.2.0)
      rails-dom-testing
      rspec-core
    rspec-support (3.13.5)
    rubocop (1.72.2)
      json (~> 2.3)
      language_server-protocol (~> 3.17.0.2)
      lint_roller (~> 1.1.0)
      parallel (~> 1.10)
      parser (>= 3.3.0.2)
      rainbow (>= 2.2.2, < 4.0)
      regexp_parser (>= 2.9.3, < 3.0)
      rubocop-ast (>= 1.38.0, < 2.0)
      ruby-progressbar (~> 1.7)
      unicode-display_width (>= 2.4.0, < 4.0)
    rubocop-ast (1.38.0)
      parser (>= 3.3.1.0)
    ruby-debug-ide (0.7.3)
      rake (>= 0.8.1)
    ruby-progressbar (1.13.0)
    ruby2_keywords (0.0.5)
    safe_yaml (1.0.5)
    scanf (1.0.0)
    securerandom (0.3.1)
    shacl (0.4.1)
      json-ld (~> 3.3)
      rdf (~> 3.3)
      sparql (~> 3.3)
      sxp (~> 1.2)
    shex (0.8.0)
      ebnf (~> 2.4)
      htmlentities (~> 4.3)
      json-ld (~> 3.3)
      json-ld-preloaded (~> 3.3)
      rdf (~> 3.3)
      rdf-xsd (~> 3.3)
      sparql (~> 3.3)
      sxp (~> 1.3)
    simplecov (0.22.0)
      docile (~> 1.1)
      simplecov-html (~> 0.11)
      simplecov_json_formatter (~> 0.1)
    simplecov-html (0.13.2)
    simplecov_json_formatter (0.1.4)
    sinatra (3.0.6)
      mustermann (~> 3.0)
      rack (~> 2.2, >= 2.2.4)
      rack-protection (= 3.0.6)
      tilt (~> 2.0)
    sinatra-cross_origin (0.4.0)
    smart_properties (1.17.0)
    sparql (3.3.0)
      builder (~> 3.2, >= 3.2.4)
      ebnf (~> 2.4)
      logger (~> 1.5)
      rdf (~> 3.3)
      rdf-aggregate-repo (~> 3.3)
      rdf-xsd (~> 3.3)
      sparql-client (~> 3.3)
      sxp (~> 1.3)
    sparql-client (3.3.0)
      net-http-persistent (~> 4.0, >= 4.0.2)
      rdf (~> 3.3)
    stringio (3.1.0)
    swagger-blocks (3.0.0)
    sxp (1.3.0)
      matrix (~> 0.4)
      rdf (~> 3.3)
    tempfile (0.2.1)
    temple (0.10.3)
    thin (1.8.2)
      daemons (~> 1.0, >= 1.0.9)
      eventmachine (~> 1.0, >= 1.0.4)
      rack (>= 1, < 3)
    thor (1.3.1)
    tilt (2.3.0)
    tux (0.3.0)
      ripl (>= 0.3.5)
      ripl-multi_line (>= 0.2.4)
      ripl-rack (>= 0.2.0)
      sinatra (>= 1.2.1)
    tzinfo (2.0.6)
      concurrent-ruby (~> 1.0)
    unicode-display_width (3.1.2)
      unicode-emoji (~> 4.0, >= 4.0.4)
    unicode-emoji (4.0.4)
    unicode-types (1.9.0)
    uri (1.0.3)
    vcr (6.3.1)
      base64
    webmock (3.25.1)
      addressable (>= 2.8.0)
      crack (>= 0.3.2)
      hashdiff (>= 0.4.0, < 2.0.0)
    xml-simple (1.1.9)
      rexml
    yaml-ld (0.0.3)
      json-ld (~> 3.3)
      psych (>= 3.3)
      rdf (~> 3.3)
      rdf-xsd (~> 3.3)

PLATFORMS
  aarch64-linux
  arm-linux
  arm64-darwin
  x86-linux
  x86_64-darwin
  x86_64-linux

DEPENDENCIES
  cgi (~> 0.4.1)
  csv
  dotenv (~> 3.1)
  erb (~> 4.0)
  erb_lint (~> 0.9.0)
  fair-champion!
  fileutils (~> 1.5.0)
  json (~> 2.7.1)
  json-canonicalization (~> 1.0.0)
  json-ld (~> 3.3)
  linkeddata (~> 3.2.0)
  linkheaders-processor (~> 0.1.20)
  metainspector (~> 5.pre.11.pre.2)
  openapi3_parser (~> 0.9.2)
  openapi_parser (~> 2.1)
  parseconfig (~> 1.1.2)
  pry (~> 0.15.2)
  rack-test (~> 2.1)
  rake (~> 13.0)
  rbs (~> 3.8.1)
  rdf-raptor (~> 3.1.0)
  rdf-vocab (~> 3.3)
  require_all (~> 3.0.0)
  rest-client (~> 2.1.0)
  rspec (~> 3.13)
  rspec-core (~> 3.13)
  rspec-openapi (~> 0.18.4)
  rubocop (~> 1.72)
  ruby-debug-ide
  safe_yaml (~> 1.0)
  securerandom
  simplecov (~> 0.22)
  sinatra (~> 3.0.6)
  sinatra-cross_origin
  sparql-client (~> 3.3)
  swagger-blocks (~> 3.0.0)
  tempfile
  thin
  tux
  uri (~> 1.0)
  vcr (~> 6.3)
  webmock (~> 3.23)
  xml-simple (~> 1.1.8)

RUBY VERSION
   ruby 3.3.0p0

BUNDLED WITH
   2.5.5
